PATH
  remote: .
  specs:
    gbip (0.8.3)
      ean13 (~> 1.4)
      isbn10 (~> 1.2)

GEM
  remote: http://rubygems.org/
  specs:
    diff-lcs (1.1.2)
    ean13 (1.4.0)
    isbn10 (1.2.0)
      ean13
    not_a_mock (1.0.1)
    rake (12.3.3)
    rspec (2.1.0)
      rspec-core (~> 2.1.0)
      rspec-expectations (~> 2.1.0)
      rspec-mocks (~> 2.1.0)
    rspec-core (2.1.0)
    rspec-expectations (2.1.0)
      diff-lcs (~> 1.1.2)
    rspec-mocks (2.1.0)

PLATFORMS
  ruby

DEPENDENCIES
  gbip!
  not_a_mock (~> 1.0.1)
  rake
  rspec (~> 2.1)
